GIT
  remote: git@git.health.unm.edu:devgroup/unmh-auth_gem.git
  revision: 78e0df59e45e2f9cd6487971659e41ccd3b7f240
  branch: devise_cas
  specs:
    unmh-auth (0.4.4)
      devise (>= 4.5.0)
      devise_cas_authenticatable (~> 1.10.4)
      railties (>= 5.0.0, < 6.0)

GIT
  remote: git@git.health.unm.edu:devgroup/unmh-docker.git
  revision: f8af4ad2fe0bee40d70ac3ed0615a46ee150ab87
  branch: ruby2.7_multidb
  specs:
    unmh-docker (0.8)
      rails (>= 5.1, <= 7.0)

GIT
  remote: git@git.health.unm.edu:devgroup/unmh-ldap.git
  revision: 6c37ac8249e285ed97f10d959ed9ef2c768a2da7
  specs:
    unmh-ldap (0.0.2)
      net-ldap (~> 0.16.2)

GIT
  remote: https://github.com/Shopify/erb-lint.git
  revision: fa0fda3106a3859061c2c57c97e22be3087f89b9
  specs:
    erb_lint (0.0.35)
      activesupport
      better_html (~> 1.0.7)
      html_tokenizer
      parser (>= 2.7.1.4)
      rainbow
      rubocop (~> 0.79)
      smart_properties

GIT
  remote: https://github.com/schneems/attendance.git
  revision: 5ca821a33447987029bb68778a325ed5e74273cd
  specs:
    attendance (0.1.1)
      activerecord (>= 4)

GEM
  remote: https://rubygems.org/
  specs:
    actioncable (5.2.4.3)
      actionpack (= 5.2.4.3)
      nio4r (~> 2.0)
      websocket-driver (>= 0.6.1)
    actionmailer (5.2.4.3)
      actionpack (= 5.2.4.3)
      actionview (= 5.2.4.3)
      activejob (= 5.2.4.3)
      mail (~> 2.5, >= 2.5.4)
      rails-dom-testing (~> 2.0)
    actionpack (5.2.4.3)
      actionview (= 5.2.4.3)
      activesupport (= 5.2.4.3)
      rack (~> 2.0, >= 2.0.8)
      rack-test (>= 0.6.3)
      rails-dom-testing (~> 2.0)
      rails-html-sanitizer (~> 1.0, >= 1.0.2)
    actionview (5.2.4.3)
      activesupport (= 5.2.4.3)
      builder (~> 3.1)
      erubi (~> 1.4)
      rails-dom-testing (~> 2.0)
      rails-html-sanitizer (~> 1.0, >= 1.0.3)
    activejob (5.2.4.3)
      activesupport (= 5.2.4.3)
      globalid (>= 0.3.6)
    activemodel (5.2.4.3)
      activesupport (= 5.2.4.3)
    activerecord (5.2.4.3)
      activemodel (= 5.2.4.3)
      activesupport (= 5.2.4.3)
      arel (>= 9.0)
    activerecord-oracle_enhanced-adapter (5.2.8)
      activerecord (~> 5.2.0)
      ruby-plsql (>= 0.6.0)
    activerecord-sqlserver-adapter (5.2.1)
      activerecord (~> 5.2.0)
      tiny_tds
    activestorage (5.2.4.3)
      actionpack (= 5.2.4.3)
      activerecord (= 5.2.4.3)
      marcel (~> 0.3.1)
    activesupport (5.2.4.3)
      concurrent-ruby (~> 1.0, >= 1.0.2)
      i18n (>= 0.7, < 2)
      minitest (~> 5.1)
      tzinfo (~> 1.1)
    addressable (2.7.0)
      public_suffix (>= 2.0.2, < 5.0)
    airbrake (5.8.1)
      airbrake-ruby (~> 1.8)
    airbrake-ruby (1.8.0)
    annotate (3.1.1)
      activerecord (>= 3.2, < 7.0)
      rake (>= 10.4, < 14.0)
    arel (9.0.0)
    ast (2.4.1)
    autoprefixer-rails (9.8.6.1)
      execjs
    awesome_print (1.8.0)
    bcrypt (3.1.15)
    better_errors (2.7.1)
      coderay (>= 1.0.0)
      erubi (>= 1.0.0)
      rack (>= 0.9.0)
    better_html (1.0.15)
      actionview (>= 4.0)
      activesupport (>= 4.0)
      ast (~> 2.0)
      erubi (~> 1.4)
      html_tokenizer (~> 0.0.6)
      parser (>= 2.4)
      smart_properties
    bindex (0.8.1)
    binding_of_caller (0.8.0)
      debug_inspector (>= 0.0.1)
    bootsnap (1.4.7)
      msgpack (~> 1.0)
    bootstrap (4.5.0)
      autoprefixer-rails (>= 9.1.0)
      popper_js (>= 1.14.3, < 2)
      sassc-rails (>= 2.0.0)
    brakeman (4.9.0)
    builder (3.2.4)
    byebug (11.1.3)
    capybara (3.33.0)
      addressable
      mini_mime (>= 0.1.3)
      nokogiri (~> 1.8)
      rack (>= 1.6.0)
      rack-test (>= 0.6.3)
      regexp_parser (~> 1.5)
      xpath (~> 3.2)
    childprocess (3.0.0)
    choice (0.2.0)
    code_analyzer (0.5.2)
      sexp_processor
    coderay (1.1.3)
    coffee-rails (4.2.2)
      coffee-script (>= 2.2.0)
      railties (>= 4.0.0)
    coffee-script (2.4.1)
      coffee-script-source
      execjs
    coffee-script-source (1.12.2)
    concurrent-ruby (1.1.6)
    crass (1.0.6)
    cucumber (4.1.0)
      builder (~> 3.2, >= 3.2.3)
      cucumber-core (~> 7.1, >= 7.1.0)
      cucumber-create-meta (~> 1.0.0, >= 1.0.0)
      cucumber-cucumber-expressions (~> 10.1, >= 10.1.0)
      cucumber-gherkin (~> 14.0, >= 14.0.1)
      cucumber-html-formatter (~> 7.0, >= 7.0.0)
      cucumber-messages (~> 12.2, >= 12.2.0)
      cucumber-wire (~> 3.1, >= 3.1.0)
      diff-lcs (~> 1.3, >= 1.3, < 1.4)
      multi_test (~> 0.1, >= 0.1.2)
      sys-uname (~> 1.0, >= 1.0.2)
    cucumber-core (7.1.0)
      cucumber-gherkin (~> 14.0, >= 14.0.1)
      cucumber-messages (~> 12.2, >= 12.2.0)
      cucumber-tag-expressions (~> 2.0, >= 2.0.4)
    cucumber-create-meta (1.0.0)
      cucumber-messages (~> 12.2, >= 12.2.0)
      sys-uname (~> 1.2, >= 1.2.1)
    cucumber-cucumber-expressions (10.2.2)
    cucumber-gherkin (14.2.0)
      cucumber-messages (~> 12.4, >= 12.4.0)
    cucumber-html-formatter (7.2.0)
      cucumber-messages (~> 12.4, >= 12.4.0)
    cucumber-messages (12.4.0)
      protobuf-cucumber (~> 3.10, >= 3.10.8)
    cucumber-rails (2.1.0)
      capybara (>= 2.12, < 4)
      cucumber (>= 3.0.2, < 5)
      mime-types (>= 2.0, < 4)
      nokogiri (~> 1.8)
      rails (>= 4.2, < 7)
    cucumber-tag-expressions (2.0.4)
    cucumber-wire (3.1.0)
      cucumber-core (~> 7.1, >= 7.1.0)
      cucumber-cucumber-expressions (~> 10.1, >= 10.1.0)
      cucumber-messages (~> 12.2, >= 12.2.0)
    database_cleaner (1.8.5)
    debug_inspector (0.0.3)
    devise (4.7.2)
      bcrypt (~> 3.0)
      orm_adapter (~> 0.1)
      railties (>= 4.1.0)
      responders
      warden (~> 1.2.3)
    devise_cas_authenticatable (1.10.4)
      devise (>= 1.2.0)
      rubycas-client (>= 2.2.1)
    diff-lcs (1.3)
    docile (1.3.2)
    erubi (1.9.0)
    erubis (2.7.0)
    execjs (2.7.0)
    factory_bot (6.1.0)
      activesupport (>= 5.0.0)
    factory_bot_rails (6.1.0)
      factory_bot (~> 6.1.0)
      railties (>= 5.0.0)
    faker (2.13.0)
      i18n (>= 1.6, < 2)
    fast_blank (1.0.0)
    ffi (1.13.1)
    font-awesome-sass (5.13.0)
      sassc (>= 1.11)
    fuubar (2.5.0)
      rspec-core (~> 3.0)
      ruby-progressbar (~> 1.4)
    globalid (0.4.2)
      activesupport (>= 4.2.0)
    html_tokenizer (0.0.7)
    i18n (1.8.5)
      concurrent-ruby (~> 1.0)
    jbuilder (2.10.0)
      activesupport (>= 5.0.0)
    jquery-rails (4.4.0)
      rails-dom-testing (>= 1, < 3)
      railties (>= 4.2.0)
      thor (>= 0.14, < 2.0)
    jquery-ui-rails (6.0.1)
      railties (>= 3.2.16)
    json (2.3.1)
    libv8 (8.4.255.0)
    listen (3.2.1)
      rb-fsevent (~> 0.10, >= 0.10.3)
      rb-inotify (~> 0.9, >= 0.9.10)
    lograge (0.11.2)
      actionpack (>= 4)
      activesupport (>= 4)
      railties (>= 4)
      request_store (~> 1.0)
    logstop (0.2.6)
    loofah (2.6.0)
      crass (~> 1.0.2)
      nokogiri (>= 1.5.9)
    mail (2.7.1)
      mini_mime (>= 0.1.1)
    marcel (0.3.3)
      mimemagic (~> 0.3.2)
    meta-tags (2.13.0)
      actionpack (>= 3.2.0, < 6.1)
    method_source (1.0.0)
    middleware (0.1.0)
    mime-types (3.3.1)
      mime-types-data (~> 3.2015)
    mime-types-data (3.2020.0512)
    mimemagic (0.3.5)
    mini_mime (1.0.2)
    mini_portile2 (2.4.0)
    mini_racer (0.3.1)
      libv8 (~> 8.4.255)
    minitest (5.14.1)
    msgpack (1.3.3)
    multi_test (0.1.2)
    net-ldap (0.16.2)
    nio4r (2.5.2)
    nokogiri (1.10.10)
      mini_portile2 (~> 2.4.0)
    orm_adapter (0.5.0)
    parallel (1.19.2)
    parser (2.7.1.4)
      ast (~> 2.4.1)
    popper_js (1.16.0)
    pretender (0.3.4)
      actionpack (>= 4.2)
    protobuf-cucumber (3.10.8)
      activesupport (>= 3.2)
      middleware
      thor
      thread_safe
    pry (0.13.1)
      coderay (~> 1.1)
      method_source (~> 1.0)
    pry-rails (0.3.9)
      pry (>= 0.10.4)
    public_suffix (4.0.5)
    puma (4.3.5)
      nio4r (~> 2.0)
    rack (2.2.3)
    rack-test (1.1.0)
      rack (>= 1.0, < 3)
    rails (5.2.4.3)
      actioncable (= 5.2.4.3)
      actionmailer (= 5.2.4.3)
      actionpack (= 5.2.4.3)
      actionview (= 5.2.4.3)
      activejob (= 5.2.4.3)
      activemodel (= 5.2.4.3)
      activerecord (= 5.2.4.3)
      activestorage (= 5.2.4.3)
      activesupport (= 5.2.4.3)
      bundler (>= 1.3.0)
      railties (= 5.2.4.3)
      sprockets-rails (>= 2.0.0)
    rails-controller-testing (1.0.5)
      actionpack (>= 5.0.1.rc1)
      actionview (>= 5.0.1.rc1)
      activesupport (>= 5.0.1.rc1)
    rails-dom-testing (2.0.3)
      activesupport (>= 4.2.0)
      nokogiri (>= 1.6)
    rails-erd (1.6.0)
      activerecord (>= 4.2)
      activesupport (>= 4.2)
      choice (~> 0.2.0)
      ruby-graphviz (~> 1.2)
    rails-html-sanitizer (1.3.0)
      loofah (~> 2.3)
    rails_best_practices (1.20.0)
      activesupport
      code_analyzer (>= 0.5.1)
      erubis
      i18n
      json
      require_all (~> 3.0)
      ruby-progressbar
    railties (5.2.4.3)
      actionpack (= 5.2.4.3)
      activesupport (= 5.2.4.3)
      method_source
      rake (>= 0.8.7)
      thor (>= 0.19.0, < 2.0)
    rainbow (3.0.0)
    rake (13.0.1)
    rb-fsevent (0.10.4)
    rb-inotify (0.10.1)
      ffi (~> 1.0)
    regexp_parser (1.7.1)
    request_store (1.5.0)
      rack (>= 1.4)
    require_all (3.0.0)
    responders (3.0.1)
      actionpack (>= 5.0)
      railties (>= 5.0)
    rexml (3.2.4)
    rspec-core (3.9.2)
      rspec-support (~> 3.9.3)
    rspec-expectations (3.9.2)
      diff-lcs (>= 1.2.0, < 2.0)
      rspec-support (~> 3.9.0)
    rspec-mocks (3.9.1)
      diff-lcs (>= 1.2.0, < 2.0)
      rspec-support (~> 3.9.0)
    rspec-rails (3.9.1)
      actionpack (>= 3.0)
      activesupport (>= 3.0)
      railties (>= 3.0)
      rspec-core (~> 3.9.0)
      rspec-expectations (~> 3.9.0)
      rspec-mocks (~> 3.9.0)
      rspec-support (~> 3.9.0)
    rspec-support (3.9.3)
    rubocop (0.89.0)
      parallel (~> 1.10)
      parser (>= 2.7.1.1)
      rainbow (>= 2.2.2, < 4.0)
      regexp_parser (>= 1.7)
      rexml
      rubocop-ast (>= 0.1.0, < 1.0)
      ruby-progressbar (~> 1.7)
      unicode-display_width (>= 1.4.0, < 2.0)
    rubocop-ast (0.3.0)
      parser (>= 2.7.1.4)
    rubocop-performance (1.7.1)
      rubocop (>= 0.82.0)
    rubocop-rails (2.7.1)
      activesupport (>= 4.2.0)
      rack (>= 1.1)
      rubocop (>= 0.87.0)
    rubocop-rspec (1.42.0)
      rubocop (>= 0.87.0)
    ruby-graphviz (1.2.5)
      rexml
    ruby-oci8 (2.2.8)
    ruby-plsql (0.7.1)
    ruby-progressbar (1.10.1)
    rubycas-client (2.3.9)
      activesupport
    rubyzip (1.3.0)
    sass (3.7.4)
      sass-listen (~> 4.0.0)
    sass-listen (4.0.0)
      rb-fsevent (~> 0.9, >= 0.9.4)
      rb-inotify (~> 0.9, >= 0.9.7)
    sassc (2.4.0)
      ffi (~> 1.9)
    sassc-rails (2.1.2)
      railties (>= 4.0.0)
      sassc (>= 2.0)
      sprockets (> 3.0)
      sprockets-rails
      tilt
    scss_lint (0.59.0)
      sass (~> 3.5, >= 3.5.5)
    selenium-webdriver (3.142.7)
      childprocess (>= 0.5, < 4.0)
      rubyzip (>= 1.2.2)
    sexp_processor (4.15.0)
    shoulda (4.0.0)
      shoulda-context (~> 2.0)
      shoulda-matchers (~> 4.0)
    shoulda-context (2.0.0)
    shoulda-matchers (4.3.0)
      activesupport (>= 4.2.0)
    simplecov (0.18.5)
      docile (~> 1.1)
      simplecov-html (~> 0.11)
    simplecov-html (0.12.2)
    smart_properties (1.15.0)
    spring (2.1.0)
    spring-watcher-listen (2.0.1)
      listen (>= 2.7, < 4.0)
      spring (>= 1.2, < 3.0)
    sprockets (3.7.2)
      concurrent-ruby (~> 1.0)
      rack (> 1, < 3)
    sprockets-rails (3.2.1)
      actionpack (>= 4.0)
      activesupport (>= 4.0)
      sprockets (>= 3.0.0)
    sqlite3 (1.3.13)
    sys-uname (1.2.1)
      ffi (>= 1.0.0)
    thor (1.0.1)
    thread_safe (0.3.6)
    tilt (2.0.10)
    tiny_tds (2.1.2)
    turbolinks (5.2.1)
      turbolinks-source (~> 5.2)
    turbolinks-source (5.2.0)
    tzinfo (1.2.7)
      thread_safe (~> 0.1)
    uglifier (4.2.0)
      execjs (>= 0.3.0, < 3)
    unicode-display_width (1.7.0)
    warden (1.2.8)
      rack (>= 2.0.6)
    web-console (3.7.0)
      actionview (>= 5.0)
      activemodel (>= 5.0)
      bindex (>= 0.4.0)
      railties (>= 5.0)
    webdrivers (3.9.4)
      nokogiri (~> 1.6)
      rubyzip (~> 1.0)
      selenium-webdriver (~> 3.0)
    websocket-driver (0.7.3)
      websocket-extensions (>= 0.1.0)
    websocket-extensions (0.1.5)
    xpath (3.2.0)
      nokogiri (~> 1.8)

PLATFORMS
  ruby

DEPENDENCIES
  activerecord-oracle_enhanced-adapter
  activerecord-sqlserver-adapter
  airbrake (~> 5.0)
  annotate
  attendance!
  autoprefixer-rails
  awesome_print
  better_errors
  binding_of_caller
  bootsnap
  bootstrap (~> 4.4)
  brakeman
  byebug
  capybara (>= 2.15)
  coffee-rails (~> 4.2)
  cucumber-rails
  database_cleaner
  erb_lint!
  factory_bot_rails
  faker
  fast_blank
  font-awesome-sass
  fuubar
  jbuilder (~> 2.5)
  jquery-rails
  jquery-ui-rails
  listen (>= 3.0.5)
  lograge
  logstop
  meta-tags
  mini_racer
  pretender
  pry-rails
  puma (~> 4.3)
  rails (~> 5.2.4.3)
  rails-controller-testing
  rails-erd
  rails_best_practices
  rspec-rails (~> 3.8)
  rubocop
  rubocop-performance
  rubocop-rails
  rubocop-rspec
  ruby-oci8
  sassc-rails
  scss_lint
  selenium-webdriver
  shoulda
  simplecov
  spring
  spring-watcher-listen (~> 2.0.0)
  sprockets (= 3.7.2)
  sqlite3 (~> 1.3.13)
  turbolinks (~> 5)
  tzinfo-data
  uglifier (>= 1.3.0)
  unmh-auth!
  unmh-docker (~> 0.8)!
  unmh-ldap!
  web-console
  webdrivers (~> 3.0)

BUNDLED WITH
   2.1.4
